GIT
  remote: git://github.com/cowboyd/therubyracer.git
  revision: 0c8ab86dc15ff8e1637920c790412dd4991b3598
  specs:
    therubyracer (0.12.0beta1)
      libv8 (~> 3.16.14.0)
      ref

GIT
  remote: https://github.com/livingsocial/rake-pipeline.git
  revision: 65b1e744defa208e313703d89f3453447cc103b2
  specs:
    rake-pipeline (0.8.0)
      json
      rake (~> 10.0.0)
      thor

GIT
  remote: https://github.com/wycats/rake-pipeline-web-filters.git
  revision: 0cd46c6a2640de6a78c986e8b901c0907de0d89d
  specs:
    rake-pipeline-web-filters (0.6.0)
      rack
      rake-pipeline (~> 0.6)

GEM
  remote: https://rubygems.org/
  specs:
    coffee-script (2.2.0)
      coffee-script-source
      execjs
    coffee-script-source (1.6.2)
    commonjs (0.2.6)
    execjs (1.4.0)
      multi_json (~> 1.0)
    haml (4.0.2)
      tilt
    json (1.7.7)
    less (2.3.2)
      commonjs (~> 0.2.6)
    libv8 (3.16.14.1)
    multi_json (1.7.3)
    rack (1.5.2)
    rake (10.0.4)
    ref (1.0.4)
    thor (0.18.1)
    tilt (1.4.1)

PLATFORMS
  ruby

DEPENDENCIES
  coffee-script
  haml
  json
  less
  libv8
  rack
  rake-pipeline!
  rake-pipeline-web-filters!
  therubyracer!
  tilt
